PATH
  remote: .
  specs:
    active_record_host_pool (4.0.0)
      activerecord (>= 6.1.0)

GEM
  remote: https://rubygems.org/
  specs:
    activemodel (6.1.7.6)
      activesupport (= 6.1.7.6)
    activerecord (6.1.7.6)
      activemodel (= 6.1.7.6)
      activesupport (= 6.1.7.6)
    activesupport (6.1.7.6)
      concurrent-ruby (~> 1.0, >= 1.0.2)
      i18n (>= 1.6, < 2)
      minitest (>= 5.1)
      tzinfo (~> 2.0)
      zeitwerk (~> 2.3)
    ast (2.4.2)
    byebug (11.1.3)
    coderay (1.1.3)
    concurrent-ruby (1.2.3)
    i18n (1.14.1)
      concurrent-ruby (~> 1.0)
    json (2.7.2)
    language_server-protocol (3.17.0.3)
    lint_roller (1.1.0)
    method_source (1.0.0)
    minitest (5.16.3)
    minitest-fail-fast (0.1.0)
      minitest (~> 5)
    minitest-line (0.6.5)
      minitest (~> 5.0)
    minitest-mock_expectations (1.1.3)
    mysql2 (0.5.5)
    parallel (1.26.3)
    parser (3.3.5.0)
      ast (~> 2.4.1)
      racc
    phenix (1.1.0)
      activerecord (>= 4.2, < 7.1)
      bundler
    pry (0.14.2)
      coderay (~> 1.1)
      method_source (~> 1.0)
    pry-byebug (3.10.1)
      byebug (~> 11.0)
      pry (>= 0.13, < 0.15)
    racc (1.8.1)
    rainbow (3.1.1)
    rake (13.0.6)
    regexp_parser (2.9.2)
    rubocop (1.66.1)
      json (~> 2.3)
      language_server-protocol (>= 3.17.0)
      parallel (~> 1.10)
      parser (>= 3.3.0.2)
      rainbow (>= 2.2.2, < 4.0)
      regexp_parser (>= 2.4, < 3.0)
      rubocop-ast (>= 1.32.2, < 2.0)
      ruby-progressbar (~> 1.7)
      unicode-display_width (>= 2.4.0, < 3.0)
    rubocop-ast (1.32.3)
      parser (>= 3.3.1.0)
    rubocop-performance (1.22.1)
      rubocop (>= 1.48.1, < 2.0)
      rubocop-ast (>= 1.31.1, < 2.0)
    ruby-progressbar (1.13.0)
    standard (1.41.0)
      language_server-protocol (~> 3.17.0.2)
      lint_roller (~> 1.0)
      rubocop (~> 1.66.0)
      standard-custom (~> 1.0.0)
      standard-performance (~> 1.5)
    standard-custom (1.0.2)
      lint_roller (~> 1.0)
      rubocop (~> 1.50)
    standard-performance (1.5.0)
      lint_roller (~> 1.1)
      rubocop-performance (~> 1.22.0)
    tzinfo (2.0.6)
      concurrent-ruby (~> 1.0)
    unicode-display_width (2.6.0)
    zeitwerk (2.6.12)

PLATFORMS
  arm64-darwin-21
  ruby

DEPENDENCIES
  active_record_host_pool!
  activerecord (~> 6.1.0)
  minitest (>= 5.10.0)
  minitest-fail-fast
  minitest-line
  minitest-mock_expectations
  mysql2 (~> 0.5)
  phenix (>= 1.0.1)
  pry-byebug (~> 3.9)
  rake (>= 12.0.0)
  standard

BUNDLED WITH
   2.5.17
